GIT
  remote: https://github.com/opal/opal-rspec.git
  revision: 617560c4048708712a416697fd598d4f08ee1c20
  specs:
    opal-rspec (0.4.2)
      opal (>= 0.7.0, < 0.9)

PATH
  remote: .
  specs:
    react.rb (0.3.0)
      opal (= 0.8.0.beta1)
      opal-activesupport (~> 0)
      react-jsx (~> 0.8.0)
      react-source (~> 0.13)
      sprockets (>= 2.2.3, < 3.0.0)
      therubyracer (~> 0)

GEM
  remote: https://rubygems.org/
  specs:
    execjs (2.5.2)
    hike (1.2.3)
    json (1.8.2)
    libv8 (3.16.14.7)
    multi_json (1.11.0)
    opal (0.8.0.beta1)
      hike (~> 1.2)
      sourcemap (~> 0.1.0)
      sprockets (>= 2.2.3, < 4.0.0)
      tilt (~> 1.4)
    opal-activesupport (0.1.0)
      opal (>= 0.5.0, < 1.0.0)
    opal-jquery (0.2.0)
      opal (>= 0.5.0, < 1.0.0)
    rack (1.6.1)
    rack-protection (1.5.3)
      rack
    rake (10.4.2)
    react-jsx (0.8.0)
      execjs (>= 2.0.2)
      json (>= 1.8.0)
      react-source (>= 0.4.1)
    react-source (0.13.3)
    ref (1.0.5)
    sinatra (1.4.6)
      rack (~> 1.4)
      rack-protection (~> 1.4)
      tilt (>= 1.3, < 3)
    sourcemap (0.1.1)
    sprockets (2.12.3)
      hike (~> 1.2)
      multi_json (~> 1.0)
      rack (~> 1.0)
      tilt (~> 1.1, != 1.3.0)
    therubyracer (0.12.2)
      libv8 (~> 3.16.14.0)
      ref
    tilt (1.4.1)

PLATFORMS
  ruby

DEPENDENCIES
  opal-jquery (~> 0)
  opal-rspec!
  rake (~> 10)
  react.rb!
  sinatra (~> 1)
