GIT
  remote: https://github.com/opal/opal-jquery.git
  revision: 7b5c300533641e08de503e06e0d1ac40c024f2a3
  specs:
    opal-jquery (0.3.0)
      opal (>= 0.7.0, < 0.9.0)

GIT
  remote: https://github.com/wied03/opal-rspec.git
  revision: 7e818fb02d97e744efb64f07e340b1e80d0789be
  branch: opal-0.8-other/rspec-3.1
  specs:
    opal-rspec (0.4.2)
      opal (>= 0.7.0, < 0.9)
      opal-minitest (~> 0.0)

GIT
  remote: https://github.com/wied03/opal.git
  revision: 719a1452594b73b5987ff3455096b68e61ad7659
  branch: feature/bridge_class_tweak
  specs:
    opal (0.8.0.beta1)
      hike (~> 1.2)
      sourcemap (~> 0.1.0)
      sprockets (~> 3.1)
      tilt (>= 1.4)

PATH
  remote: .
  specs:
    react.rb (0.3.0)
      opal (= 0.8.0.beta1)
      opal-activesupport (~> 0)
      react-jsx (~> 0.8.0)
      react-source (~> 0.13)
      sprockets (~> 3.1)
      therubyracer (~> 0)

GEM
  remote: https://rubygems.org/
  specs:
    execjs (2.5.2)
    hike (1.2.3)
    json (1.8.2)
    libv8 (3.16.14.7)
    opal-activesupport (0.1.0)
      opal (>= 0.5.0, < 1.0.0)
    opal-minitest (0.0.4)
      opal (>= 0.6)
      rake (~> 10.3)
    rack (1.6.1)
    rack-protection (1.5.3)
      rack
    rake (10.4.2)
    react-jsx (0.8.0)
      execjs (>= 2.0.2)
      json (>= 1.8.0)
      react-source (>= 0.4.1)
    react-source (0.13.3)
    ref (1.0.5)
    sinatra (1.4.6)
      rack (~> 1.4)
      rack-protection (~> 1.4)
      tilt (>= 1.3, < 3)
    sourcemap (0.1.1)
    sprockets (3.1.0)
      rack (~> 1.0)
    therubyracer (0.12.2)
      libv8 (~> 3.16.14.0)
      ref
    tilt (2.0.1)

PLATFORMS
  ruby

DEPENDENCIES
  opal!
  opal-jquery!
  opal-rspec!
  rake (~> 10)
  react.rb!
  sinatra (~> 1)
