PATH
  remote: .
  specs:
    react.rb (0.0.2)
      opal (~> 0.7.0)
      opal-activesupport

GEM
  remote: https://rubygems.org/
  specs:
    hike (1.2.3)
    multi_json (1.10.1)
    opal (0.7.1)
      hike (~> 1.2)
      sourcemap (~> 0.1.0)
      sprockets (>= 2.2.3, < 4.0.0)
      tilt (~> 1.4)
    opal-activesupport (0.1.0)
      opal (>= 0.5.0, < 1.0.0)
    opal-jquery (0.3.0)
      opal (~> 0.7.0)
    opal-rspec (0.4.1)
      opal (~> 0.7.0)
    rack (1.6.0)
    rack-protection (1.5.3)
      rack
    react-source (0.12.2)
    sinatra (1.4.5)
      rack (~> 1.4)
      rack-protection (~> 1.4)
      tilt (~> 1.3, >= 1.3.4)
    sourcemap (0.1.1)
    sprockets (2.12.3)
      hike (~> 1.2)
      multi_json (~> 1.0)
      rack (~> 1.0)
      tilt (~> 1.1, != 1.3.0)
    tilt (1.4.1)

PLATFORMS
  ruby

DEPENDENCIES
  opal-jquery
  opal-rspec
  react-source (~> 0.12)
  react.rb!
  sinatra
