GIT
  remote: https://github.com/catprintlabs/opal.git
  revision: 3682db6f2b23a584787a68d5338a7ee9cb35565a
  specs:
    opal (0.7.1)
      hike (~> 1.2)
      sourcemap (~> 0.1.0)
      sprockets (>= 2.2.3, < 4.0.0)
      tilt (~> 1.4)

PATH
  remote: .
  specs:
    react.rb (0.0.2)
      opal
      opal-activesupport

GEM
  remote: https://rubygems.org/
  specs:
    hike (1.2.3)
    opal-activesupport (0.1.0)
      opal (>= 0.5.0, < 1.0.0)
    opal-jquery (0.3.0)
      opal (~> 0.7.0)
    opal-rspec (0.4.2)
      opal (~> 0.7.0)
    rack (1.6.0)
    rack-protection (1.5.3)
      rack
    react-source (0.13.2)
    sinatra (1.4.6)
      rack (~> 1.4)
      rack-protection (~> 1.4)
      tilt (>= 1.3, < 3)
    sourcemap (0.1.1)
    sprockets (3.0.3)
      rack (~> 1.0)
    tilt (1.4.1)

PLATFORMS
  ruby

DEPENDENCIES
  opal!
  opal-jquery
  opal-rspec
  react-source (~> 0.12)
  react.rb!
  sinatra
